PATH
  remote: .
  specs:
    myprecious_python (0.0.6)
      byebug (~> 9.0, >= 9.0.6)
      httparty (~> 0.16, >= 0.16.4)
      json (~> 2.3.0, >= 2.3)
      rest-client (~> 2.0.2, >= 2.0)

GEM
  remote: https://rubygems.org/
  specs:
    byebug (9.1.0)
    domain_name (0.5.20190701)
      unf (>= 0.0.5, < 1.0.0)
    http-cookie (1.0.5)
      domain_name (~> 0.5)
    httparty (0.21.0)
      mini_mime (>= 1.0.0)
      multi_xml (>= 0.5.2)
    json (2.3.1)
    mime-types (3.5.1)
      mime-types-data (~> 3.2015)
    mime-types-data (3.2023.0808)
    mini_mime (1.1.5)
    multi_xml (0.6.0)
    netrc (0.11.0)
    rest-client (2.0.2)
      http-cookie (>= 1.0.2, < 2.0)
      mime-types (>= 1.16, < 4.0)
      netrc (~> 0.8)
    unf (0.1.4)
      unf_ext
    unf_ext (0.0.8.2)

PLATFORMS
  ruby

DEPENDENCIES
  byebug (~> 9.0, >= 9.0.6)
  httparty (~> 0.16, >= 0.16.4)
  json (~> 2.3.0, >= 2.3)
  myprecious_python!
  rest-client (~> 2.0.2, >= 2.0)

BUNDLED WITH
   1.17.2
